GEM
  remote: https://rubygems.org/
  specs:
    activesupport (5.1.1)
      concurrent-ruby (~> 1.0, >= 1.0.2)
      i18n (~> 0.7)
      minitest (~> 5.1)
      tzinfo (~> 1.1)
    amq-protocol (2.2.0)
    bunny (2.7.1)
      amq-protocol (>= 2.2.0)
    carrot-top (0.0.7)
      json
    concurrent-ruby (1.0.5)
    geocoder (1.4.4)
    hutch (0.24.0)
      activesupport (>= 4.2, < 6)
      bunny (>= 2.6.3)
      carrot-top (~> 0.0.7)
      multi_json (~> 1.12)
    i18n (0.8.6)
    json (2.0.2)
    minitest (5.10.3)
    multi_json (1.12.2)
    pg (0.20.0)
    sequel (5.0.0)
    thread_safe (0.3.6)
    tzinfo (1.2.3)
      thread_safe (~> 0.1)

PLATFORMS
  ruby

DEPENDENCIES
  geocoder
  hutch
  pg (= 0.20.0)
  sequel (~> 5.0)

RUBY VERSION
   ruby 2.4.0p0

BUNDLED WITH
   1.16.0
